PATH
  remote: .
  specs:
    cliutils (1.0.2)

GEM
  remote: https://rubygems.org/
  specs:
    rake (0.9.2.2)
    yard (0.8.7.4)

PLATFORMS
  ruby

DEPENDENCIES
  bundler (~> 1.5)
  cliutils!
  rake
  yard (= 0.8.7.4)
